GEM
  remote: https://rubygems.org/
  specs:
    handlebars (0.6.0)
      handlebars-source (~> 1.3.0)
      therubyracer (~> 0.12.0)
    handlebars-source (1.3.0)
    libv8 (3.16.14.7)
    rack (1.5.2)
    rack-protection (1.5.3)
      rack
    ref (1.0.5)
    sinatra (1.4.5)
      rack (~> 1.4)
      rack-protection (~> 1.4)
      tilt (~> 1.3, >= 1.3.4)
    therubyracer (0.12.1)
      libv8 (~> 3.16.14.0)
      ref
    tilt (1.4.1)
    tilt-handlebars (1.3.1)
      handlebars (~> 0.6)
      tilt (~> 1.4)

PLATFORMS
  ruby

DEPENDENCIES
  sinatra
  tilt-handlebars
